GEM
  remote: https://rubygems.org/
  specs:
    rainbow (2.0.0)
    sass (3.4.19)
    scss_lint (0.42.2)
      rainbow (~> 2.0)
      sass (~> 3.4.15)

PLATFORMS
  x64-mingw32

DEPENDENCIES
  scss_lint

BUNDLED WITH
   1.10.6
